GEM
  remote: http://rubygems.org/
  specs:
    closure-compiler (1.1.1)
    jbundle (0.0.10)
      closure-compiler
      rack
      thor
    rack (1.3.0)
    thor (0.14.6)

PLATFORMS
  ruby

DEPENDENCIES
  jbundle (>= 0.0.10)
