GEM
  remote: http://rubygems.org/
  specs:
    closure-compiler (1.1.1)
    jbundle (0.0.9)
      closure-compiler
    rack (1.2.2)
    shotgun (0.9)
      rack (>= 1.0)

PLATFORMS
  ruby

DEPENDENCIES
  jbundle (>= 0.0.7)
  rack
  shotgun
