GEM
  remote: http://rubygems.org/
  specs:
    closure-compiler (1.1.1)
    jbundle (0.0.9)
      closure-compiler
    rack (1.2.2)
    sinatra (1.2.6)
      rack (~> 1.1)
      tilt (>= 1.2.2, < 2.0)
    tilt (1.3)

PLATFORMS
  ruby

DEPENDENCIES
  jbundle (>= 0.0.7)
  sinatra
